GEM
  remote: https://rubygems.org/
  specs:
    coderay (1.1.0)
    dalli (2.7.2)
    diff-lcs (1.1.3)
    method_source (0.8.2)
    pry (0.9.12.6)
      coderay (~> 1.0)
      method_source (~> 0.8)
      slop (~> 3.4)
    rspec (2.10.0)
      rspec-core (~> 2.10.0)
      rspec-expectations (~> 2.10.0)
      rspec-mocks (~> 2.10.0)
    rspec-core (2.10.0)
    rspec-expectations (2.10.0)
      diff-lcs (~> 1.1.3)
    rspec-mocks (2.10.1)
    slop (3.5.0)

PLATFORMS
  ruby

DEPENDENCIES
  dalli
  pry
  rspec
